GEM
  remote: https://rubygems.org/
  specs:
    json (1.8.2)
    zabbixapi (2.4.2)
      json (~> 1.6, >= 1.6.0)

PLATFORMS
  ruby

DEPENDENCIES
  zabbixapi
